PATH
  remote: .
  specs:
    rational2 (1.0.0)

GEM
  remote: https://rubygems.org/
  specs:
    codecov (0.1.4)
      json
      simplecov
      url
    docile (1.1.5)
    json (1.8.3)
    rake (10.5.0)
    simplecov (0.11.2)
      docile (~> 1.1.0)
      json (~> 1.8)
      simplecov-html (~> 0.10.0)
    simplecov-html (0.10.0)
    url (0.3.2)

PLATFORMS
  ruby

DEPENDENCIES
  bundler (~> 1.3)
  codecov
  rake
  rational2!
